PATH
  remote: .
  specs:
    highrise (3.0.1)
      activeresource (~> 3.0)

GEM
  remote: http://rubygems.org/
  specs:
    activemodel (3.1.0)
      activesupport (= 3.1.0)
      bcrypt-ruby (~> 3.0.0)
      builder (~> 3.0.0)
      i18n (~> 0.6)
    activeresource (3.1.0)
      activemodel (= 3.1.0)
      activesupport (= 3.1.0)
    activesupport (3.1.0)
      multi_json (~> 1.0)
    bcrypt-ruby (3.0.0)
    bcrypt-ruby (3.0.0-java)
    builder (3.0.0)
    concurrent-ruby (1.1.10)
    diff-lcs (1.1.2)
    i18n (0.9.5)
      concurrent-ruby (~> 1.0)
    multi_json (1.0.3)
    rake (0.8.7)
    rspec (2.0.1)
      rspec-core (~> 2.0.1)
      rspec-expectations (~> 2.0.1)
      rspec-mocks (~> 2.0.1)
    rspec-core (2.0.1)
    rspec-expectations (2.0.1)
      diff-lcs (>= 1.1.2)
    rspec-mocks (2.0.1)
      rspec-core (~> 2.0.1)
      rspec-expectations (~> 2.0.1)

PLATFORMS
  java
  ruby

DEPENDENCIES
  highrise!
  rake (~> 0.8.7)
  rspec (~> 2.0.1)
